PATH
  remote: .
  specs:
    asciidoctor-server (0.4.0)
      asciidoctor (~> 2.0)
      grpc (~> 1.0)
      logging (~> 1.0)
      optparse (~> 0.3.1)

GEM
  remote: https://rubygems.org/
  specs:
    asciidoctor (2.0.20)
    ast (2.4.2)
    google-protobuf (3.24.4-arm64-darwin)
    googleapis-common-protos-types (1.9.0)
      google-protobuf (~> 3.18)
    grpc (1.58.0)
      google-protobuf (~> 3.23)
      googleapis-common-protos-types (~> 1.0)
    grpc-tools (1.59.2)
    json (2.6.3)
    language_server-protocol (3.17.0.3)
    little-plugger (1.1.4)
    logging (1.8.2)
      little-plugger (>= 1.1.3)
      multi_json (>= 1.8.4)
    minitest (5.20.0)
    multi_json (1.15.0)
    optparse (0.3.1)
    parallel (1.23.0)
    parser (3.2.2.4)
      ast (~> 2.4.1)
      racc
    racc (1.7.2)
    rainbow (3.1.1)
    rake (13.1.0)
    regexp_parser (2.8.2)
    rexml (3.2.6)
    rubocop (1.57.2)
      json (~> 2.3)
      language_server-protocol (>= 3.17.0)
      parallel (~> 1.10)
      parser (>= 3.2.2.4)
      rainbow (>= 2.2.2, < 4.0)
      regexp_parser (>= 1.8, < 3.0)
      rexml (>= 3.2.5, < 4.0)
      rubocop-ast (>= 1.28.1, < 2.0)
      ruby-progressbar (~> 1.7)
      unicode-display_width (>= 2.4.0, < 3.0)
    rubocop-ast (1.30.0)
      parser (>= 3.2.1.0)
    ruby-progressbar (1.13.0)
    unicode-display_width (2.5.0)

PLATFORMS
  arm64-darwin
  arm64-linux
  x86_64-darwin
  x86_64-linux

DEPENDENCIES
  asciidoctor-server!
  grpc-tools (~> 1.0)
  minitest (~> 5.0)
  rake (~> 13.0)
  rubocop (~> 1.21)

BUNDLED WITH
   2.3.26
